PATH
  remote: .
  specs:
    tapioca (0.2.2)
      pry (>= 0.12.2)
      sorbet-runtime
      sorbet-static (~> 0.4.4471)
      thor (~> 0.20.3)

GEM
  remote: https://rubygems.org/
  specs:
    ast (2.4.0)
    byebug (11.0.1)
    coderay (1.1.2)
    diff-lcs (1.3)
    highline (1.6.20)
    jaro_winkler (1.5.2)
    json_pure (1.8.1)
    method_source (0.9.2)
    mime-types (2.99.3)
    netrc (0.11.0)
    package_cloud (0.2.45)
      highline (= 1.6.20)
      json_pure (= 1.8.1)
      rainbow (= 2.2.2)
      rest-client (~> 1.7.3)
      thor (~> 0.18)
    parallel (1.17.0)
    parser (2.6.3.0)
      ast (~> 2.4.0)
    pry (0.12.2)
      coderay (~> 1.1.0)
      method_source (~> 0.9.0)
    pry-byebug (3.7.0)
      byebug (~> 11.0)
      pry (~> 0.10)
    rainbow (2.2.2)
      rake
    rake (12.3.2)
    rest-client (1.7.3)
      mime-types (>= 1.16, < 3.0)
      netrc (~> 0.7)
    rspec (3.8.0)
      rspec-core (~> 3.8.0)
      rspec-expectations (~> 3.8.0)
      rspec-mocks (~> 3.8.0)
    rspec-core (3.8.0)
      rspec-support (~> 3.8.0)
    rspec-expectations (3.8.3)
      diff-lcs (>= 1.2.0, < 2.0)
      rspec-support (~> 3.8.0)
    rspec-mocks (3.8.0)
      diff-lcs (>= 1.2.0, < 2.0)
      rspec-support (~> 3.8.0)
    rspec-support (3.8.0)
    rubocop (0.70.0)
      jaro_winkler (~> 1.5.1)
      parallel (~> 1.10)
      parser (>= 2.6)
      rainbow (>= 2.2.2, < 4.0)
      ruby-progressbar (~> 1.7)
      unicode-display_width (>= 1.4.0, < 1.7)
    ruby-progressbar (1.10.1)
    sorbet (0.4.4476)
      sorbet-static (= 0.4.4476)
    sorbet-runtime (0.4.4770)
    sorbet-static (0.4.4476-universal-darwin-14)
    thor (0.20.3)
    unicode-display_width (1.6.0)

PLATFORMS
  ruby

DEPENDENCIES
  bundler (~> 1.17)
  package_cloud (~> 0.2.33)
  pry-byebug
  rake (~> 12.3)
  rspec (~> 3.7)
  rubocop (~> 0.70.0)
  sorbet
  tapioca!

BUNDLED WITH
   1.17.3
