GIT
  remote: https://github.com/csfrancis/cityhash.git
  revision: 3cfc7d01f333c01811d5e834f1495eaa29f87c36
  ref: 3cfc7d01f333c01811d5e834f1495eaa29f87c36
  specs:
    cityhash (0.6.0)

PATH
  remote: .
  specs:
    tapioca (0.6.2)
      bundler (>= 1.17.3)
      pry (>= 0.12.2)
      rbi (~> 0.0.0, >= 0.0.9)
      sorbet-runtime (>= 0.5.9204)
      sorbet-static (>= 0.5.9204)
      spoom (~> 1.1.0, >= 1.1.4)
      thor (>= 1.2.0)
      yard-sorbet

GEM
  remote: https://rubygems.org/
  specs:
    aasm (5.2.0)
      concurrent-ruby (~> 1.0)
    actioncable (6.1.4.4)
      actionpack (= 6.1.4.4)
      activesupport (= 6.1.4.4)
      nio4r (~> 2.0)
      websocket-driver (>= 0.6.1)
    actionmailbox (6.1.4.4)
      actionpack (= 6.1.4.4)
      activejob (= 6.1.4.4)
      activerecord (= 6.1.4.4)
      activestorage (= 6.1.4.4)
      activesupport (= 6.1.4.4)
      mail (>= 2.7.1)
    actionmailer (6.1.4.4)
      actionpack (= 6.1.4.4)
      actionview (= 6.1.4.4)
      activejob (= 6.1.4.4)
      activesupport (= 6.1.4.4)
      mail (~> 2.5, >= 2.5.4)
      rails-dom-testing (~> 2.0)
    actionpack (6.1.4.4)
      actionview (= 6.1.4.4)
      activesupport (= 6.1.4.4)
      rack (~> 2.0, >= 2.0.9)
      rack-test (>= 0.6.3)
      rails-dom-testing (~> 2.0)
      rails-html-sanitizer (~> 1.0, >= 1.2.0)
    actiontext (6.1.4.4)
      actionpack (= 6.1.4.4)
      activerecord (= 6.1.4.4)
      activestorage (= 6.1.4.4)
      activesupport (= 6.1.4.4)
      nokogiri (>= 1.8.5)
    actionview (6.1.4.4)
      activesupport (= 6.1.4.4)
      builder (~> 3.1)
      erubi (~> 1.4)
      rails-dom-testing (~> 2.0)
      rails-html-sanitizer (~> 1.1, >= 1.2.0)
    activejob (6.1.4.4)
      activesupport (= 6.1.4.4)
      globalid (>= 0.3.6)
    activemodel (6.1.4.4)
      activesupport (= 6.1.4.4)
    activemodel-serializers-xml (1.0.2)
      activemodel (> 5.x)
      activesupport (> 5.x)
      builder (~> 3.1)
    activerecord (6.1.4.4)
      activemodel (= 6.1.4.4)
      activesupport (= 6.1.4.4)
    activerecord-typedstore (1.4.0)
      activerecord (>= 5.2)
    activeresource (6.0.0)
      activemodel (>= 6.0)
      activemodel-serializers-xml (~> 1.0)
      activesupport (>= 6.0)
    activestorage (6.1.4.4)
      actionpack (= 6.1.4.4)
      activejob (= 6.1.4.4)
      activerecord (= 6.1.4.4)
      activesupport (= 6.1.4.4)
      marcel (~> 1.0.0)
      mini_mime (>= 1.1.0)
    activesupport (6.1.4.4)
      concurrent-ruby (~> 1.0, >= 1.0.2)
      i18n (>= 1.6, < 2)
      minitest (>= 5.1)
      tzinfo (~> 2.0)
      zeitwerk (~> 2.3)
    ansi (1.5.0)
    ar_transaction_changes (1.1.8)
      activerecord (>= 5.2.0)
    ast (2.4.2)
    bcrypt (3.1.16)
    builder (3.2.4)
    byebug (11.1.3)
    coderay (1.1.3)
    concurrent-ruby (1.1.9)
    config (3.1.1)
      deep_merge (~> 1.2, >= 1.2.1)
      dry-validation (~> 1.0, >= 1.0.0)
    connection_pool (2.2.5)
    crass (1.0.6)
    dedup (0.1.4)
    deep_merge (1.2.2)
    diff-lcs (1.5.0)
    digest (3.1.0)
    dry-configurable (0.13.0)
      concurrent-ruby (~> 1.0)
      dry-core (~> 0.6)
    dry-container (0.9.0)
      concurrent-ruby (~> 1.0)
      dry-configurable (~> 0.13, >= 0.13.0)
    dry-core (0.7.1)
      concurrent-ruby (~> 1.0)
    dry-inflector (0.2.1)
    dry-initializer (3.0.4)
    dry-logic (1.2.0)
      concurrent-ruby (~> 1.0)
      dry-core (~> 0.5, >= 0.5)
    dry-schema (1.8.0)
      concurrent-ruby (~> 1.0)
      dry-configurable (~> 0.13, >= 0.13.0)
      dry-core (~> 0.5, >= 0.5)
      dry-initializer (~> 3.0)
      dry-logic (~> 1.0)
      dry-types (~> 1.5)
    dry-types (1.5.1)
      concurrent-ruby (~> 1.0)
      dry-container (~> 0.3)
      dry-core (~> 0.5, >= 0.5)
      dry-inflector (~> 0.1, >= 0.1.2)
      dry-logic (~> 1.0, >= 1.0.2)
    dry-validation (1.7.0)
      concurrent-ruby (~> 1.0)
      dry-container (~> 0.7, >= 0.7.1)
      dry-core (~> 0.5, >= 0.5)
      dry-initializer (~> 3.0)
      dry-schema (~> 1.8, >= 1.8.0)
    erubi (1.10.0)
    frozen_record (0.23.0)
      activemodel
      dedup
    globalid (1.0.0)
      activesupport (>= 5.0)
    google-protobuf (3.19.4)
    i18n (1.9.1)
      concurrent-ruby (~> 1.0)
    identity_cache (1.1.0)
      activerecord (>= 5.2)
      ar_transaction_changes (~> 1.1)
    io-wait (0.2.1)
    language_server-protocol (3.16.0.3)
    loofah (2.13.0)
      crass (~> 1.0.2)
      nokogiri (>= 1.5.9)
    mail (2.7.1)
      mini_mime (>= 0.1.1)
    marcel (1.0.2)
    method_source (1.0.0)
    mini_mime (1.1.2)
    mini_portile2 (2.7.1)
    minitest (5.15.0)
    minitest-hooks (1.5.0)
      minitest (> 5.3)
    minitest-reporters (1.5.0)
      ansi
      builder
      minitest (>= 5.0)
      ruby-progressbar
    net-protocol (0.1.2)
      io-wait
      timeout
    net-smtp (0.3.1)
      digest
      net-protocol
      timeout
    nio4r (2.5.8)
    nokogiri (1.13.1)
      mini_portile2 (~> 2.7.0)
      racc (~> 1.4)
    parallel (1.21.0)
    parser (3.1.0.0)
      ast (~> 2.4.1)
    pry (0.13.1)
      coderay (~> 1.1)
      method_source (~> 1.0)
    pry-byebug (3.9.0)
      byebug (~> 11.0)
      pry (~> 0.13.0)
    racc (1.6.0)
    rack (2.2.3)
    rack-test (1.1.0)
      rack (>= 1.0, < 3)
    rails (6.1.4.4)
      actioncable (= 6.1.4.4)
      actionmailbox (= 6.1.4.4)
      actionmailer (= 6.1.4.4)
      actionpack (= 6.1.4.4)
      actiontext (= 6.1.4.4)
      actionview (= 6.1.4.4)
      activejob (= 6.1.4.4)
      activemodel (= 6.1.4.4)
      activerecord (= 6.1.4.4)
      activestorage (= 6.1.4.4)
      activesupport (= 6.1.4.4)
      bundler (>= 1.15.0)
      railties (= 6.1.4.4)
      sprockets-rails (>= 2.0.0)
    rails-dom-testing (2.0.3)
      activesupport (>= 4.2.0)
      nokogiri (>= 1.6)
    rails-html-sanitizer (1.4.2)
      loofah (~> 2.3)
    railties (6.1.4.4)
      actionpack (= 6.1.4.4)
      activesupport (= 6.1.4.4)
      method_source
      rake (>= 0.13)
      thor (~> 1.0)
    rainbow (3.1.1)
    rake (13.0.6)
    rbi (0.0.11)
      ast
      parser
      sorbet-runtime (>= 0.5.9204)
      unparser
    redis (4.5.1)
    regexp_parser (2.2.0)
    rexml (3.2.5)
    rubocop (1.25.0)
      parallel (~> 1.10)
      parser (>= 3.1.0.0)
      rainbow (>= 2.2.2, < 4.0)
      regexp_parser (>= 1.8, < 3.0)
      rexml
      rubocop-ast (>= 1.15.1, < 2.0)
      ruby-progressbar (~> 1.7)
      unicode-display_width (>= 1.4.0, < 3.0)
    rubocop-ast (1.15.1)
      parser (>= 3.0.1.1)
    rubocop-lsp (0.1.6)
      language_server-protocol (>= 3.16)
      rubocop (>= 1.0)
    rubocop-rspec (2.8.0)
      rubocop (~> 1.19)
    rubocop-shopify (2.4.0)
      rubocop (~> 1.24)
    rubocop-sorbet (0.6.5)
      rubocop (>= 0.90.0)
    ruby-progressbar (1.11.0)
    shopify-money (0.16.0)
    sidekiq (6.4.0)
      connection_pool (>= 2.2.2)
      rack (~> 2.0)
      redis (>= 4.2.0)
    smart_properties (1.17.0)
    sorbet (0.5.9542)
      sorbet-static (= 0.5.9542)
    sorbet-runtime (0.5.9542)
    sorbet-static (0.5.9542-universal-darwin-14)
    sorbet-static (0.5.9542-universal-darwin-15)
    sorbet-static (0.5.9542-universal-darwin-16)
    sorbet-static (0.5.9542-universal-darwin-17)
    sorbet-static (0.5.9542-universal-darwin-18)
    sorbet-static (0.5.9542-universal-darwin-19)
    sorbet-static (0.5.9542-universal-darwin-20)
    sorbet-static (0.5.9542-universal-darwin-21)
    sorbet-static (0.5.9542-x86_64-linux)
    spoom (1.1.8)
      sorbet (>= 0.5.9204)
      sorbet-runtime (>= 0.5.9204)
      thor (>= 0.19.2)
    sprockets (4.0.2)
      concurrent-ruby (~> 1.0)
      rack (> 1, < 3)
    sprockets-rails (3.4.2)
      actionpack (>= 5.2)
      activesupport (>= 5.2)
      sprockets (>= 3.0.0)
    sqlite3 (1.4.2)
    state_machines (0.5.0)
    thor (1.2.1)
    timeout (0.2.0)
    tzinfo (2.0.4)
      concurrent-ruby (~> 1.0)
    unicode-display_width (2.1.0)
    unparser (0.6.3)
      diff-lcs (~> 1.3)
      parser (>= 3.1.0)
    webrick (1.7.0)
    websocket-driver (0.7.5)
      websocket-extensions (>= 0.1.0)
    websocket-extensions (0.1.5)
    xpath (3.2.0)
      nokogiri (~> 1.8)
    yard (0.9.27)
      webrick (~> 1.7.0)
    yard-sorbet (0.6.1)
      sorbet-runtime (>= 0.5)
      yard (>= 0.9)
    zeitwerk (2.5.4)

PLATFORMS
  ruby

DEPENDENCIES
  aasm
  activerecord-typedstore
  activeresource
  bcrypt
  cityhash!
  config
  frozen_record
  google-protobuf
  identity_cache
  minitest
  minitest-hooks
  minitest-reporters
  net-smtp (= 0.3.1)
  nokogiri
  pry-byebug
  rails
  rake
  rubocop-lsp
  rubocop-rspec
  rubocop-shopify
  rubocop-sorbet (>= 0.4.1)
  shopify-money
  sidekiq
  smart_properties
  sorbet
  sprockets
  sqlite3
  state_machines
  tapioca!
  xpath

BUNDLED WITH
   2.3.3
