PATH
  remote: .
  specs:
    tapioca (0.13.0)
      bundler (>= 2.2.25)
      thor (>= 1.2.0)

GEM
  remote: https://rubygems.org/
  specs:
    thor (1.3.1)

PLATFORMS
  arm64-darwin
  x86_64-darwin
  x86_64-linux

DEPENDENCIES
  tapioca!

BUNDLED WITH
   2.5.0
